PATH
  remote: .
  specs:
    check_new_bins (0.1.0)
      colorize
      command_line
      thor

GEM
  remote: https://rubygems.org/
  specs:
    colorize (1.1.0)
    command_line (2.0.1)
    power_assert (2.0.3)
    rake (13.0.6)
    test-unit (3.6.0)
      power_assert
    thor (1.3.1)

PLATFORMS
  arm64-darwin-20
  ruby

DEPENDENCIES
  check_new_bins!
  rake (~> 13.0)
  test-unit (~> 3.0)

BUNDLED WITH
   2.5.6
